PATH
  remote: .
  specs:
    textstat (0.1.1)
      text-hyphen (~> 1.4, >= 1.4.1)

GEM
  remote: https://rubygems.org/
  specs:
    ast (2.4.0)
    diff-lcs (1.3)
    jaro_winkler (1.5.4)
    parallel (1.19.1)
    parser (2.7.0.2)
      ast (~> 2.4.0)
    rainbow (3.0.0)
    rake (10.5.0)
    rspec (3.8.0)
      rspec-core (~> 3.8.0)
      rspec-expectations (~> 3.8.0)
      rspec-mocks (~> 3.8.0)
    rspec-core (3.8.0)
      rspec-support (~> 3.8.0)
    rspec-expectations (3.8.2)
      diff-lcs (>= 1.2.0, < 2.0)
      rspec-support (~> 3.8.0)
    rspec-mocks (3.8.0)
      diff-lcs (>= 1.2.0, < 2.0)
      rspec-support (~> 3.8.0)
    rspec-support (3.8.0)
    rubocop (0.79.0)
      jaro_winkler (~> 1.5.1)
      parallel (~> 1.10)
      parser (>= 2.7.0.1)
      rainbow (>= 2.2.2, < 4.0)
      ruby-progressbar (~> 1.7)
      unicode-display_width (>= 1.4.0, < 1.7)
    rubocop-performance (1.5.2)
      rubocop (>= 0.71.0)
    rubocop-rspec (1.37.1)
      rubocop (>= 0.68.1)
    ruby-progressbar (1.10.1)
    text-hyphen (1.4.1)
    unicode-display_width (1.6.1)

PLATFORMS
  ruby

DEPENDENCIES
  bundler (~> 2.0.a)
  rake (~> 10.0)
  rspec (~> 3.0)
  rubocop (~> 0.79)
  rubocop-performance (~> 1.0)
  rubocop-rspec (~> 1.0)
  textstat!

BUNDLED WITH
   2.0.2
